PATH
  remote: .
  specs:
    inegi-geo (0.0.1)
      dbf
      down
      iconv
      pg
      rubyzip

GEM
  remote: https://rubygems.org/
  specs:
    dbf (3.1.1)
    down (4.3.0)
    iconv (1.0.5)
    pg (1.0.0)
    rubyzip (1.2.1)

PLATFORMS
  ruby

DEPENDENCIES
  bundler (~> 1.16)
  inegi-geo!

BUNDLED WITH
   1.16.1
